GEM
  remote: https://rubygems.org/
  specs:
    diff-lcs (1.2.5)
    formatador (0.2.5)
    rspec (3.2.0)
      rspec-core (~> 3.2.0)
      rspec-expectations (~> 3.2.0)
      rspec-mocks (~> 3.2.0)
    rspec-core (3.2.1)
      rspec-support (~> 3.2.0)
    rspec-expectations (3.2.0)
      diff-lcs (>= 1.2.0, < 2.0)
      rspec-support (~> 3.2.0)
    rspec-mocks (3.2.1)
      diff-lcs (>= 1.2.0, < 2.0)
      rspec-support (~> 3.2.0)
    rspec-support (3.2.2)
    zabbix-client (0.1.0)

PLATFORMS
  ruby

DEPENDENCIES
  formatador
  rspec (>= 3.0.0)
  zabbix-client
